GEM
  remote: https://rubygems.org/
  specs:
    blankslate (2.1.2.4)
    graphviz (0.1.0)
    parslet (1.6.1)
      blankslate (~> 2.0)

PLATFORMS
  ruby
  x86-mingw32

DEPENDENCIES
  graphviz
  parslet
